GEM
  remote: http://rubygems.org/
  specs:
    contest (0.1.2)
    test-unit (2.1.1)

PLATFORMS
  ruby

DEPENDENCIES
  contest
  test-unit
